GEM
  remote: https://rubygems.org/
  specs:
    ruby_deep_clone (0.8.0)

PLATFORMS
  ruby

DEPENDENCIES
  ruby_deep_clone (~> 0.8.0)

BUNDLED WITH
   1.17.2
